PATH
  remote: .
  specs:
    dreamy (0.5.6)
      hpricot (>= 0.7)
      terminal-table (>= 1.0.5)
      uuid (>= 2.0.1)

GEM
  remote: http://rubygems.org/
  specs:
    hpricot (0.8.6)
    macaddr (1.6.1)
      systemu (~> 2.5.0)
    rake (10.0.3)
    shoulda (2.11.3)
    systemu (2.5.2)
    terminal-table (1.4.5)
    uuid (2.3.6)
      macaddr (~> 1.0)

PLATFORMS
  ruby

DEPENDENCIES
  dreamy!
  rake
  shoulda
